GIT
  remote: https://ashmckenzie@github.com/ashmckenzie/stethoscope.git
  revision: 197e1446c0d55ebadf43bfb207c10bf01e98e222
  specs:
    stethoscope (0.2.0)
      dictionary (>= 1.0)
      rack (> 1.0)
      tilt (>= 1.0)

GEM
  remote: https://rubygems.org/
  specs:
    activesupport (3.2.12)
      i18n (~> 0.6)
      multi_json (~> 1.0)
    awesome_print (1.1.0)
    capistrano (2.14.2)
      highline
      net-scp (>= 1.0.0)
      net-sftp (>= 2.0.0)
      net-ssh (>= 2.0.14)
      net-ssh-gateway (>= 1.1.0)
    capistrano_colors (0.5.5)
    coderay (1.0.9)
    daemons (1.1.9)
    dictionary (1.0.0)
    dimensions (1.2.0)
    dragonfly (0.9.14)
      multi_json (~> 1.0)
      rack
    eventmachine (1.0.3)
    hashie (2.0.2)
    highline (1.6.15)
    i18n (0.6.4)
    macaddr (1.6.1)
      systemu (~> 2.5.0)
    method_source (0.8.1)
    multi_json (1.6.1)
    net-scp (1.1.0)
      net-ssh (>= 2.6.5)
    net-sftp (2.1.1)
      net-ssh (>= 2.6.5)
    net-ssh (2.6.6)
    net-ssh-gateway (1.2.0)
      net-ssh (>= 2.6.5)
    pry (0.9.12)
      coderay (~> 1.0.5)
      method_source (~> 0.8)
      slop (~> 3.4)
    pry-nav (0.2.3)
      pry (~> 0.9.10)
    rack (1.5.2)
    rack-protection (1.4.0)
      rack
    rake (10.0.3)
    shotgun (0.9)
      rack (>= 1.0)
    sinatra (1.3.5)
      rack (~> 1.4)
      rack-protection (~> 1.3)
      tilt (~> 1.3, >= 1.3.3)
    slop (3.4.3)
    systemu (2.5.2)
    thin (1.5.0)
      daemons (>= 1.0.9)
      eventmachine (>= 0.12.6)
      rack (>= 1.0.0)
    tilt (1.3.5)
    uuid (2.3.7)
      macaddr (~> 1.0)

PLATFORMS
  ruby

DEPENDENCIES
  activesupport (~> 3.2.8)
  awesome_print
  capistrano
  capistrano_colors
  dimensions
  dragonfly
  hashie
  pry
  pry-nav
  rake
  shotgun
  sinatra
  stethoscope!
  thin
  uuid
