GEM
  remote: https://rubygems.org/
  specs:
    awesome_print (1.2.0)
    backports (3.3.5)
    better_errors (1.1.0)
      coderay (>= 1.0.0)
      erubis (>= 2.6.6)
    binding_of_caller (0.7.2)
      debug_inspector (>= 0.0.1)
    coderay (1.1.0)
    daemons (1.1.9)
    debug_inspector (0.0.2)
    dictionary (1.0.0)
    dragonfly (1.0.3)
      multi_json (~> 1.0)
      rack
    erubis (2.7.0)
    eventmachine (1.0.4)
    git-deploy (0.6.1)
      net-scp (~> 1.1.0)
      net-ssh (~> 2.6.6)
      thor (= 0.14.6)
    hashie (2.0.5)
    macaddr (1.6.1)
      systemu (~> 2.5.0)
    method_source (0.8.2)
    multi_json (1.8.4)
    net-scp (1.1.2)
      net-ssh (>= 2.6.5)
    net-ssh (2.6.8)
    pry (0.9.12.6)
      coderay (~> 1.0)
      method_source (~> 0.8)
      slop (~> 3.4)
    rack (1.5.2)
    rack-protection (1.5.2)
      rack
    rack-test (0.6.2)
      rack (>= 1.0)
    rake (10.1.1)
    sinatra (1.4.4)
      rack (~> 1.4)
      rack-protection (~> 1.4)
      tilt (~> 1.3, >= 1.3.4)
    sinatra-contrib (1.4.2)
      backports (>= 2.0)
      multi_json
      rack-protection
      rack-test
      sinatra (~> 1.4.0)
      tilt (~> 1.3)
    slop (3.4.7)
    stethoscope (0.2.3)
      dictionary (>= 1.0)
      rack (> 1.0)
      tilt (>= 1.0)
    systemu (2.5.2)
    thin (1.6.1)
      daemons (>= 1.0.9)
      eventmachine (>= 1.0.0)
      rack (>= 1.0.0)
    thor (0.14.6)
    tilt (1.4.1)
    uuid (2.3.7)
      macaddr (~> 1.0)

PLATFORMS
  ruby

DEPENDENCIES
  awesome_print
  better_errors
  binding_of_caller
  dragonfly
  git-deploy
  hashie
  pry
  rake
  sinatra
  sinatra-contrib
  stethoscope
  thin
  uuid
